GEM
  remote: http://rubygems.org/
  specs:
    diff-lcs (1.1.3)
    ffi (1.1.5)
    listen (0.5.3)
    rake (10.0.4)
    rb-inotify (0.8.8)
      ffi (>= 0.5.0)
    rspec (2.11.0)
      rspec-core (~> 2.11.0)
      rspec-expectations (~> 2.11.0)
      rspec-mocks (~> 2.11.0)
    rspec-core (2.11.1)
    rspec-expectations (2.11.3)
      diff-lcs (~> 1.1.3)
    rspec-mocks (2.11.3)
    term-ansicolor (1.0.7)
    terminal-table (1.4.5)

PLATFORMS
  ruby

DEPENDENCIES
  listen
  rake
  rb-inotify (~> 0.8.8)
  rspec
  term-ansicolor
  terminal-table
